REDIRECTS: ON
STORAGE: NONE
RESTRICTION: == net471
NUGET
  remote: https://api.nuget.org/v3/index.json
    Microsoft.Azure.KeyVault.Core (3.0)
    Microsoft.Azure.ServiceBus.EventProcessorHost (4.0)
      Newtonsoft.Json (>= 10.0.3)
      WindowsAzure.ServiceBus (>= 5.0)
      WindowsAzure.Storage (>= 7.2.1)
    Microsoft.Azure.Services.AppAuthentication (1.0.3)
      Microsoft.IdentityModel.Clients.ActiveDirectory (>= 3.14.2)
    Microsoft.Azure.WebJobs (2.2)
      Microsoft.Azure.WebJobs.Core (2.2)
      Microsoft.Extensions.Logging.Abstractions (>= 1.1.1)
      Newtonsoft.Json (>= 9.0.1)
      WindowsAzure.Storage (>= 7.2.1)
    Microsoft.Azure.WebJobs.Core (2.2)
    Microsoft.Azure.WebJobs.ServiceBus (2.2)
      Microsoft.Azure.ServiceBus.EventProcessorHost (>= 2.2.10)
      Microsoft.Azure.WebJobs (2.2)
      Newtonsoft.Json (>= 9.0.1)
      WindowsAzure.ServiceBus (>= 3.4.5)
    Microsoft.CodeAnalysis.FxCopAnalyzers (2.6.1) - copy_local: true
      Microsoft.CodeQuality.Analyzers (>= 2.6.1)
      Microsoft.NetCore.Analyzers (>= 2.6.1)
      Microsoft.NetFramework.Analyzers (>= 2.6.1)
      Text.Analyzers (>= 2.6.1)
    Microsoft.CodeQuality.Analyzers (2.6.1) - copy_local: true
    Microsoft.Extensions.Configuration (2.1.1)
      Microsoft.Extensions.Configuration.Abstractions (>= 2.1.1)
    Microsoft.Extensions.Configuration.Abstractions (2.1.1)
      Microsoft.Extensions.Primitives (>= 2.1.1)
    Microsoft.Extensions.Configuration.CommandLine (2.1.1)
      Microsoft.Extensions.Configuration (>= 2.1.1)
    Microsoft.Extensions.Configuration.FileExtensions (2.1.1)
      Microsoft.Extensions.Configuration (>= 2.1.1)
      Microsoft.Extensions.FileProviders.Physical (>= 2.1.1)
    Microsoft.Extensions.Configuration.Json (2.1.1)
      Microsoft.Extensions.Configuration (>= 2.1.1)
      Microsoft.Extensions.Configuration.FileExtensions (>= 2.1.1)
      Newtonsoft.Json (>= 11.0.2)
    Microsoft.Extensions.FileProviders.Abstractions (2.1.1)
      Microsoft.Extensions.Primitives (>= 2.1.1)
    Microsoft.Extensions.FileProviders.Physical (2.1.1)
      Microsoft.Extensions.FileProviders.Abstractions (>= 2.1.1)
      Microsoft.Extensions.FileSystemGlobbing (>= 2.1.1)
    Microsoft.Extensions.FileSystemGlobbing (2.1.1)
    Microsoft.Extensions.Logging.Abstractions (2.1.1)
    Microsoft.Extensions.Primitives (2.1.1)
      System.Memory (>= 4.5.1)
      System.Runtime.CompilerServices.Unsafe (>= 4.5.1)
    Microsoft.IdentityModel.Clients.ActiveDirectory (3.19.8)
    Microsoft.IdentityModel.JsonWebTokens (5.2.4)
      Microsoft.IdentityModel.Tokens (>= 5.2.4)
      Newtonsoft.Json (>= 10.0.1)
    Microsoft.IdentityModel.Logging (5.2.4)
    Microsoft.IdentityModel.Tokens (5.2.4)
      Microsoft.IdentityModel.Logging (>= 5.2.4)
      Newtonsoft.Json (>= 10.0.1)
    Microsoft.NetCore.Analyzers (2.6.1) - copy_local: true
    Microsoft.NetFramework.Analyzers (2.6.1) - copy_local: true
    Newtonsoft.Json (11.0.2)
    NLog (4.5.7)
    StyleCop.Analyzers (1.1.0-beta008) - copy_local: true
    System.Buffers (4.5)
    System.IdentityModel.Tokens.Jwt (5.2.4)
      Microsoft.IdentityModel.JsonWebTokens (>= 5.2.4)
      Microsoft.IdentityModel.Tokens (>= 5.2.4)
      Newtonsoft.Json (>= 10.0.1)
    System.Memory (4.5.1)
      System.Buffers (>= 4.4)
      System.Numerics.Vectors (>= 4.4)
      System.Runtime.CompilerServices.Unsafe (>= 4.5)
    System.Numerics.Vectors (4.5)
    System.Runtime.CompilerServices.Unsafe (4.5.1)
    Text.Analyzers (2.6.1) - copy_local: true
    WindowsAzure.ServiceBus (5.0)
      Microsoft.Azure.Services.AppAuthentication (>= 1.0.3)
      Microsoft.IdentityModel.Clients.ActiveDirectory (>= 3.19.8)
      System.IdentityModel.Tokens.Jwt (>= 4.0.4.403061554)
    WindowsAzure.Storage (9.3)
      Microsoft.Azure.KeyVault.Core (>= 1.0)
      Newtonsoft.Json (>= 10.0.2)
